GEM
  remote: https://rubygems.org/
  specs:
    rack (3.0.2)
    rackup (0.2.3)
      rack (>= 3.0.0.beta1)
      webrick
    webrick (1.7.0)

PLATFORMS
  aarch64-linux

DEPENDENCIES
  rack
  rackup

BUNDLED WITH
   2.3.7
